PATH
  remote: .
  specs:
    riot-mongo_mapper (0.1.0)
      mongo_mapper (~> 0.12.0)
      riot (~> 0.12.6)

GEM
  remote: https://rubygems.org/
  specs:
    activemodel (3.2.14)
      activesupport (= 3.2.14)
      builder (~> 3.0.0)
    activesupport (3.2.14)
      i18n (~> 0.6, >= 0.6.4)
      multi_json (~> 1.0)
    bson (1.9.2)
    builder (3.0.4)
    i18n (0.6.5)
    mongo (1.9.2)
      bson (~> 1.9.2)
    mongo_mapper (0.12.0)
      activemodel (~> 3.0)
      activesupport (~> 3.0)
      plucky (~> 0.5.2)
    multi_json (1.7.9)
    plucky (0.5.2)
      mongo (~> 1.5)
    riot (0.12.6)
      rr
    rr (1.1.2)

PLATFORMS
  ruby

DEPENDENCIES
  riot-mongo_mapper!
